GEM
  remote: https://rubygems.org/
  specs:
    activesupport (5.1.7)
      concurrent-ruby (~> 1.0, >= 1.0.2)
      i18n (>= 0.7, < 2)
      minitest (~> 5.1)
      tzinfo (~> 1.1)
    addressable (2.8.0)
      public_suffix (>= 2.0.2, < 5.0)
    colorize (0.8.1)
    concurrent-ruby (1.1.9)
    daemons (1.4.1)
    diff-lcs (1.4.4)
    down (5.2.4)
      addressable (~> 2.8)
    fileutils (1.6.0)
    i18n (1.8.11)
      concurrent-ruby (~> 1.0)
    json (2.6.1)
    mail (2.7.1)
      mini_mime (>= 0.1.1)
    mini_mime (1.1.2)
    minitest (5.15.0)
    natural_time (0.3.0)
      activesupport (~> 5.1.4)
    pastel (0.8.0)
      tty-color (~> 0.5)
    public_suffix (4.0.6)
    rainbow (3.0.0)
    rmagick (2.16.0)
    rspec (3.10.0)
      rspec-core (~> 3.10.0)
      rspec-expectations (~> 3.10.0)
      rspec-mocks (~> 3.10.0)
    rspec-core (3.10.1)
      rspec-support (~> 3.10.0)
    rspec-expectations (3.10.1)
      diff-lcs (>= 1.2.0, < 2.0)
      rspec-support (~> 3.10.0)
    rspec-mocks (3.10.2)
      diff-lcs (>= 1.2.0, < 2.0)
      rspec-support (~> 3.10.0)
    rspec-support (3.10.3)
    safe_yaml (1.0.5)
    strings-ansi (0.2.0)
    thread_safe (0.3.6)
    timecop (0.9.4)
    timer (0.3.0)
      natural_time (~> 0.3.0)
      timecop (~> 0.9.1)
    tty-color (0.6.0)
    tty-cursor (0.7.1)
    tty-progressbar (0.18.2)
      strings-ansi (~> 0.2)
      tty-cursor (~> 0.7)
      tty-screen (~> 0.8)
      unicode-display_width (>= 1.6, < 3.0)
    tty-prompt (0.23.1)
      pastel (~> 0.8)
      tty-reader (~> 0.8)
    tty-reader (0.9.0)
      tty-cursor (~> 0.7)
      tty-screen (~> 0.8)
      wisper (~> 2.0)
    tty-screen (0.8.1)
    tzinfo (1.2.9)
      thread_safe (~> 0.1)
    unicode-display_width (2.1.0)
    wisper (2.0.1)

PLATFORMS
  arm64-darwin-20

DEPENDENCIES
  colorize (~> 0.8.1)
  daemons (~> 1.4)
  down (~> 5.2)
  fileutils (~> 1.6)
  json (~> 2.6)
  mail (~> 2.7)
  rainbow (~> 3.0)
  rmagick (~> 2.15)
  rspec (~> 3.10)
  safe_yaml (~> 1.0)
  timer (~> 0.3.0)
  tty-progressbar (~> 0.18.2)
  tty-prompt (~> 0.23.1)

BUNDLED WITH
   2.2.33
